PATH
  remote: .
  specs:
    test_wrapper (0.1.0)
      httparty (>= 0.18.1, < 0.22.0)

GEM
  remote: https://rubygems.org/
  specs:
    httparty (0.21.0)
      mini_mime (>= 1.0.0)
      multi_xml (>= 0.5.2)
    mini_mime (1.1.2)
    multi_xml (0.6.0)
    rake (12.3.3)

PLATFORMS
  ruby

DEPENDENCIES
  rake (~> 12.0)
  test_wrapper!

BUNDLED WITH
   2.1.4
